GIT
  remote: https://github.com/jubos/fake-s3.git
  revision: 2f31a962e8abaa7effe25931f1d2fd35d8a557da
  specs:
    fakes3 (0.1.5.1)
      builder
      thor

GEM
  remote: https://rubygems.org/
  specs:
    builder (3.0.0)
    thor (0.14.6)

PLATFORMS
  ruby

DEPENDENCIES
  fakes3!
