GEM
  remote: http://rubygems.org/
  specs:
    sass (3.4.24)

PLATFORMS
  ruby

DEPENDENCIES
  sass

BUNDLED WITH
   1.15.1
